GEM
  remote: https://rubygems.org/
  specs:
    concurrent-ruby (1.3.4)
    dry-container (0.11.0)
      concurrent-ruby (~> 1.0)
    dry-core (0.9.1)
      concurrent-ruby (~> 1.0)
      zeitwerk (~> 2.6)
    dry-equalizer (0.3.0)
    dry-inflector (0.3.0)
    dry-logic (0.6.1)
      concurrent-ruby (~> 1.0)
      dry-core (~> 0.2)
      dry-equalizer (~> 0.2)
    dry-struct (0.5.1)
      dry-core (~> 0.4, >= 0.4.3)
      dry-equalizer (~> 0.2)
      dry-types (~> 0.13)
      ice_nine (~> 0.11)
    dry-types (0.13.4)
      concurrent-ruby (~> 1.0)
      dry-container (~> 0.3)
      dry-core (~> 0.4, >= 0.4.4)
      dry-equalizer (~> 0.2)
      dry-inflector (~> 0.1, >= 0.1.2)
      dry-logic (~> 0.4, >= 0.4.2)
    excon (0.112.0)
    hashdiff (1.0.1)
    ice_nine (0.11.2)
    jsonpath (0.9.9)
      multi_json
      to_regexp (~> 0.2.1)
    k8s-ruby (0.10.5)
      dry-struct (~> 0.5.0)
      dry-types (~> 0.13.0)
      excon (~> 0.71)
      hashdiff (~> 1.0.0)
      jsonpath (~> 0.9.5)
      recursive-open-struct (~> 1.1.0)
      yajl-ruby (~> 1.4.0)
      yaml-safe_load_stream (~> 0.1)
    multi_json (1.15.0)
    recursive-open-struct (1.1.3)
    to_regexp (0.2.1)
    yajl-ruby (1.4.3)
    yaml-safe_load_stream (0.1.1)
    zeitwerk (2.6.18)

PLATFORMS
  ruby

DEPENDENCIES
  k8s-ruby (~> 0.10.5)

BUNDLED WITH
   2.1.4
